GEM
  remote: https://rubygems.org/
  specs:
    asciidoctor (1.5.4)
    liquid (3.0.6)
    puma (3.6.0)
    rack (1.6.4)
    rack-protection (1.5.3)
      rack
    redcarpet (3.3.4)
    sinatra (1.4.7)
      rack (~> 1.5)
      rack-protection (~> 1.4)
      tilt (>= 1.3, < 3)
    tilt (2.0.5)

PLATFORMS
  ruby

DEPENDENCIES
  asciidoctor
  liquid
  puma
  redcarpet
  sinatra

BUNDLED WITH
   1.12.5
